PATH
  remote: .
  specs:
    coue (0.0.0)
      geocoder (>= 1.2.0)

GEM
  remote: https://rubygems.org/
  specs:
    addressable (2.5.2)
      public_suffix (>= 2.0.2, < 4.0)
    coderay (1.1.2)
    crack (0.4.3)
      safe_yaml (~> 1.0.0)
    geocoder (1.5.1)
    hashdiff (0.3.4)
    json (2.1.0)
    method_source (0.9.2)
    minitest (5.11.3)
    pry (0.12.2)
      coderay (~> 1.1.0)
      method_source (~> 0.9.0)
    public_suffix (3.0.2)
    rake (12.3.2)
    safe_yaml (1.0.4)
    webmock (3.0.1)
      addressable (>= 2.3.6)
      crack (>= 0.3.2)
      hashdiff

PLATFORMS
  ruby

DEPENDENCIES
  bundler
  coue!
  json
  minitest
  pry
  rake
  webmock

BUNDLED WITH
   1.16.1
